PATH
  remote: .
  specs:
    json_encoder (0.1.0)
      racc

GEM
  remote: https://rubygems.org/
  specs:
    ansi (1.5.0)
    builder (3.2.4)
    coderay (1.1.3)
    method_source (1.0.0)
    minitest (5.14.4)
    minitest-reporters (1.4.3)
      ansi
      builder
      minitest (>= 5.0)
      ruby-progressbar
    pry (0.14.1)
      coderay (~> 1.1)
      method_source (~> 1.0)
    racc (1.5.2)
    rake (13.0.6)
    ruby-progressbar (1.11.0)
    shoulda-context (2.0.0)

PLATFORMS
  ruby

DEPENDENCIES
  json_encoder!
  minitest
  minitest-reporters
  pry
  rake
  shoulda-context

BUNDLED WITH
   2.1.4
